GEM
  remote: https://rubygems.org/
  specs:
    coderay (1.1.2)
    httparty (0.13.7)
      json (~> 1.8)
      multi_xml (>= 0.5.2)
    json (1.8.6)
    method_source (1.0.0)
    multi_xml (0.6.0)
    pry (0.13.0)
      coderay (~> 1.1)
      method_source (~> 1.0)

PLATFORMS
  ruby

DEPENDENCIES
  httparty (~> 0.13.7)
  pry

BUNDLED WITH
   2.0.1
